GEM
  remote: https://rubygems.org/
  specs:
    json (2.3.0)
    mustermann (1.1.1)
      ruby2_keywords (~> 0.0.1)
    rack (2.2.3)
    rack-protection (2.1.0)
      rack
    ruby2_keywords (0.0.4)
    sinatra (2.1.0)
      mustermann (~> 1.0)
      rack (~> 2.2)
      rack-protection (= 2.1.0)
      tilt (~> 2.0)
    sinatra-basic-auth (0.1.0)
      sinatra
    sinatra-cors (1.2.0)
    tilt (2.0.10)
    uri (0.10.0)

PLATFORMS
  ruby

DEPENDENCIES
  json (= 2.3.0)
  sinatra (= 2.1.0)
  sinatra-basic-auth (= 0.1.0)
  sinatra-cors (= 1.2.0)
  uri (= 0.10.0)

RUBY VERSION
   ruby 2.7.0p0

BUNDLED WITH
   2.1.2
